GEM
  remote: https://rubygems.org/
  specs:
    bson (4.5.0)
    chronic (0.10.2)
    concurrent-ruby (1.1.5)
    discordrb (3.3.0)
      discordrb-webhooks (~> 3.3.0)
      ffi (>= 1.9.24)
      opus-ruby
      rbnacl (~> 3.4.0)
      rest-client (>= 2.1.0.rc1)
      websocket-client-simple (>= 0.3.0)
    discordrb-webhooks (3.3.0)
      rest-client (>= 2.1.0.rc1)
    domain_name (0.5.20190701)
      unf (>= 0.0.5, < 1.0.0)
    et-orbi (1.2.1)
      tzinfo
    event_emitter (0.2.6)
    faraday (1.0.1)
      multipart-post (>= 1.2, < 3)
    ffi (1.11.1)
    fugit (1.3.0)
      et-orbi (~> 1.1, >= 1.1.8)
      raabro (~> 1.1)
    http-accept (1.7.0)
    http-cookie (1.0.3)
      domain_name (~> 0.5)
    mime-types (3.2.2)
      mime-types-data (~> 3.2015)
    mime-types-data (3.2019.0331)
    mongo (2.4.3)
      bson (>= 4.2.1, < 5.0.0)
    multipart-post (2.1.1)
    netrc (0.11.0)
    opus-ruby (1.0.1)
      ffi
    raabro (1.1.6)
    rbnacl (3.4.0)
      ffi
    rest-client (2.1.0.rc1)
      http-accept (>= 1.7.0, < 2.0)
      http-cookie (>= 1.0.2, < 2.0)
      mime-types (>= 1.16, < 4.0)
      netrc (~> 0.8)
    rufus-scheduler (3.5.2)
      fugit (~> 1.1, >= 1.1.5)
    tzinfo (2.0.0)
      concurrent-ruby (~> 1.0)
    unf (0.1.4)
      unf_ext
    unf_ext (0.0.7.6)
    websocket (1.2.8)
    websocket-client-simple (0.3.0)
      event_emitter
      websocket

PLATFORMS
  ruby

DEPENDENCIES
  chronic (~> 0.10.2)
  discordrb (~> 3.3.0)
  faraday
  mongo (~> 2.4.3)
  rufus-scheduler (~> 3.5.1)
  tzinfo

RUBY VERSION
   ruby 2.5.5p157

BUNDLED WITH
   1.17.3
